

GROUP Analyzers
FRAMEWORK: >= NET45
NUGET
  remote: http://www.nuget.org/api/v2
    StyleCop.Analyzers (1.0)
    WpfAnalyzers (0.2.1-dev)

GROUP Test
FRAMEWORK: >= NET45
NUGET
  remote: http://www.nuget.org/api/v2
    NUnit (3.5)
